GEM
  remote: https://rubygems.org/
  specs:
    spellingbee (0.0.2)

PLATFORMS
  ruby

DEPENDENCIES
  spellingbee

BUNDLED WITH
   1.11.2
